GEM
  remote: https://rubygems.org/
  specs:
    builder (3.2.2)
    fake_sqs (0.1.0)
      builder
      sinatra
    fakes3 (0.2.1)
      builder
      thor
    rack (1.6.1)
    rack-protection (1.5.3)
      rack
    sinatra (1.4.6)
      rack (~> 1.4)
      rack-protection (~> 1.4)
      tilt (>= 1.3, < 3)
    thor (0.19.1)
    tilt (2.0.1)

PLATFORMS
  ruby

DEPENDENCIES
  fake_sqs
  fakes3
