GEM
  remote: https://rubygems.org/
  specs:
    builder (3.2.2)
    fakes3 (0.2.1)
      builder
      thor
    thor (0.19.1)

PLATFORMS
  ruby

DEPENDENCIES
  fakes3
